PATH
  remote: .
  specs:
    rosh (0.1.0)
      awesome_print
      colorize
      highline
      log_switch
      net-scp
      net-ssh
      plist
      sys-proctable

GEM
  remote: https://rubygems.org/
  specs:
    awesome_print (1.2.0)
    celluloid (0.15.2)
      timers (~> 1.1.0)
    coderay (1.0.9)
    colorize (0.6.0)
    diff-lcs (1.2.4)
    ffi (1.9.3)
    formatador (0.2.4)
    guard (2.2.2)
      formatador (>= 0.2.4)
      listen (~> 2.1)
      lumberjack (~> 1.0)
      pry (>= 0.9.12)
      thor (>= 0.18.1)
    guard-rspec (4.0.3)
      guard (>= 2.1.1)
      rspec (~> 2.14)
    guard-yard (2.1.0)
      guard (>= 1.1.0)
      yard (>= 0.7.0)
    highline (1.6.20)
    listen (2.2.0)
      celluloid (>= 0.15.2)
      rb-fsevent (>= 0.9.3)
      rb-inotify (>= 0.9)
    log_switch (0.4.0)
    lumberjack (1.0.4)
    memfs (0.1.0)
    method_source (0.8.2)
    multi_json (1.8.2)
    net-scp (1.1.2)
      net-ssh (>= 2.6.5)
    net-ssh (2.7.0)
    plist (3.1.0)
    pry (0.9.12.2)
      coderay (~> 1.0.5)
      method_source (~> 0.8)
      slop (~> 3.4)
    rb-fsevent (0.9.3)
    rb-inotify (0.9.2)
      ffi (>= 0.5.0)
    rspec (2.14.1)
      rspec-core (~> 2.14.0)
      rspec-expectations (~> 2.14.0)
      rspec-mocks (~> 2.14.0)
    rspec-core (2.14.7)
    rspec-expectations (2.14.3)
      diff-lcs (>= 1.1.3, < 2.0)
    rspec-mocks (2.14.4)
    simplecov (0.7.1)
      multi_json (~> 1.0)
      simplecov-html (~> 0.7.1)
    simplecov-html (0.7.1)
    slop (3.4.6)
    sys-proctable (0.9.3)
    terminal-notifier-guard (1.5.3)
    thor (0.18.1)
    timers (1.1.0)
    yard (0.9.25)

PLATFORMS
  ruby

DEPENDENCIES
  bundler (>= 1.0.1)
  guard-rspec
  guard-yard
  memfs
  rosh!
  rspec (>= 2.12.0)
  simplecov
  terminal-notifier-guard
  yard (>= 0.7.2)
